PATH
  remote: .
  specs:
    fairytale (1.0.0)
      json (~> 1.7.5)
      sanitize (~> 2.0.3)
      thor (~> 0.16.0)
      tilt (~> 1.3.3)

GEM
  remote: https://rubygems.org/
  specs:
    json (1.7.5)
    nokogiri (1.5.5)
    sanitize (2.0.3)
      nokogiri (>= 1.4.4, < 1.6)
    thor (0.16.0)
    tilt (1.3.3)

PLATFORMS
  ruby

DEPENDENCIES
  fairytale!
