PATH
  remote: .
  specs:
    fairytale (1.0.0)
      json (>= 1.7.5, < 2.4.0)
      sanitize (~> 2.0.3)
      thor (~> 0.16.0)
      tilt (~> 1.3.3)

GEM
  remote: https://rubygems.org/
  specs:
    json (2.3.1)
    mini_portile2 (2.4.0)
    nokogiri (1.10.10)
      mini_portile2 (~> 2.4.0)
    sanitize (2.0.6)
      nokogiri (>= 1.4.4)
    thor (0.16.0)
    tilt (1.3.7)

PLATFORMS
  ruby

DEPENDENCIES
  fairytale!
